GEM
  remote: https://rubygems.org/
  specs:
    rack (2.2.5)

PLATFORMS
  x86_64-linux

DEPENDENCIES
  rack

BUNDLED WITH
   2.4.4
